PATH
  remote: .
  specs:
    mysql_backups (1.1.2)
      colorize
      trollop

GEM
  remote: https://rubygems.org/
  specs:
    colorize (0.8.1)
    rake (10.5.0)
    trollop (2.1.2)

PLATFORMS
  ruby

DEPENDENCIES
  bundler
  mysql_backups!
  rake (~> 10.0)

BUNDLED WITH
   1.14.3
